GEM
  remote: https://rubygems.org/
  specs:
    backports (3.6.8)
    childprocess (0.5.9)
      ffi (~> 1.0, >= 1.0.11)
    coffee-script (2.2.0)
      coffee-script-source
      execjs
    coffee-script-source (1.10.0)
    couchrest (1.2.1)
      mime-types (>= 1.15)
      multi_json (~> 1.7, ~> 1.0)
      rest-client (~> 1.8.0)
    daemons (1.2.3)
    dashing (1.3.6)
      coffee-script (~> 2.2.0)
      execjs (~> 2.0.2)
      rack (~> 1.5.4)
      rufus-scheduler (~> 2.0.24)
      sass (~> 3.2.12)
      sinatra (~> 1.4.4)
      sinatra-contrib (~> 1.4.2)
      sprockets (~> 2.10.1)
      thin (~> 1.6.1)
      thor (> 0.18.1)
    domain_name (0.5.20160310)
      unf (>= 0.0.5, < 1.0.0)
    eventmachine (1.2.0.1)
    execjs (2.0.2)
    ffi (1.9.10)
    hike (1.2.3)
    http-cookie (1.0.2)
      domain_name (~> 0.5)
    mime-types (2.99.1)
    multi_json (1.11.2)
    netrc (0.11.0)
    power_assert (0.2.7)
    puma (3.3.0)
    rack (1.5.5)
    rack-protection (1.5.3)
      rack
    rack-test (0.6.3)
      rack (>= 1.0)
    rake (11.1.2)
    rest-client (1.8.0)
      http-cookie (>= 1.0.2, < 2.0)
      mime-types (>= 1.16, < 3.0)
      netrc (~> 0.7)
    rubyzip (1.2.0)
    rufus-scheduler (2.0.24)
      tzinfo (>= 0.3.22)
    sass (3.2.19)
    selenium-webdriver (2.53.0)
      childprocess (~> 0.5)
      rubyzip (~> 1.0)
      websocket (~> 1.0)
    sinatra (1.4.7)
      rack (~> 1.5)
      rack-protection (~> 1.4)
      tilt (>= 1.3, < 3)
    sinatra-contrib (1.4.7)
      backports (>= 2.0)
      multi_json
      rack-protection
      rack-test
      sinatra (~> 1.4.0)
      tilt (>= 1.3, < 3)
    sprockets (2.10.2)
      hike (~> 1.2)
      multi_json (~> 1.0)
      rack (~> 1.0)
      tilt (~> 1.1, != 1.3.0)
    test-unit (3.1.8)
      power_assert
    thin (1.6.4)
      daemons (~> 1.0, >= 1.0.9)
      eventmachine (~> 1.0, >= 1.0.4)
      rack (~> 1.0)
    thor (0.19.1)
    thread_safe (0.3.5)
    tilt (1.4.1)
    tzinfo (1.2.2)
      thread_safe (~> 0.1)
    unf (0.1.4)
      unf_ext
    unf_ext (0.0.7.2)
    websocket (1.2.3)

PLATFORMS
  ruby

DEPENDENCIES
  couchrest (~> 1.2, >= 1.2.1)
  dashing
  puma (= 3.3.0)
  rake
  selenium-webdriver
  test-unit

BUNDLED WITH
   1.11.2
